GEM
  remote: https://rubygems.org/
  specs:
    addressable (2.8.7)
      public_suffix (>= 2.0.2, < 7.0)
    ast (2.4.3)
    aws-eventstream (1.4.0)
    aws-partitions (1.1145.0)
    aws-sdk-codecommit (1.89.0)
      aws-sdk-core (~> 3, >= 3.228.0)
      aws-sigv4 (~> 1.5)
    aws-sdk-core (3.229.0)
      aws-eventstream (~> 1, >= 1.3.0)
      aws-partitions (~> 1, >= 1.992.0)
      aws-sigv4 (~> 1.9)
      base64
      bigdecimal
      jmespath (~> 1, >= 1.6.1)
      logger
    aws-sdk-ecr (1.108.0)
      aws-sdk-core (~> 3, >= 3.228.0)
      aws-sigv4 (~> 1.5)
    aws-sigv4 (1.12.1)
      aws-eventstream (~> 1, >= 1.0.2)
    base64 (0.2.0)
    bigdecimal (3.1.8)
    byebug (11.1.3)
    citrus (3.0.2)
    commonmarker (2.3.2)
      rb_sys (~> 0.9)
    commonmarker (2.3.2-arm64-darwin)
    crack (1.0.0)
      bigdecimal
      rexml
    csv (3.3.5)
    date (3.4.1)
    dependabot-bun (0.325.1)
      dependabot-common (= 0.325.1)
    dependabot-bundler (0.325.1)
      dependabot-common (= 0.325.1)
      parallel (~> 1.24)
    dependabot-cargo (0.325.1)
      dependabot-common (= 0.325.1)
    dependabot-common (0.325.1)
      aws-sdk-codecommit (~> 1.28)
      aws-sdk-ecr (~> 1.5)
      bundler (>= 1.16, < 3.0.0)
      commonmarker (~> 2.3)
      docker_registry2 (~> 1.18)
      excon (~> 1.2)
      faraday (~> 2.7)
      faraday-retry (~> 2.2)
      gitlab (~> 5.0)
      json (< 2.12)
      nokogiri (~> 1.8)
      octokit (~> 7.2)
      opentelemetry-api (~> 1.5)
      opentelemetry-logs-api (~> 0.2)
      opentelemetry-metrics-api (~> 0.3)
      ostruct (~> 0.6)
      parser (~> 3.3)
      psych (~> 5.0)
      sorbet-runtime (~> 0.5)
      stackprof (~> 0.2)
      toml-rb (~> 4.0)
    dependabot-composer (0.325.1)
      dependabot-common (= 0.325.1)
    dependabot-conda (0.325.1)
      dependabot-common (= 0.325.1)
      dependabot-python (= 0.325.1)
    dependabot-devcontainers (0.325.1)
      dependabot-common (= 0.325.1)
    dependabot-docker (0.325.1)
      dependabot-common (= 0.325.1)
    dependabot-docker_compose (0.325.1)
      dependabot-common (= 0.325.1)
      dependabot-docker (= 0.325.1)
    dependabot-dotnet_sdk (0.325.1)
      dependabot-common (= 0.325.1)
    dependabot-elm (0.325.1)
      dependabot-common (= 0.325.1)
    dependabot-git_submodules (0.325.1)
      dependabot-common (= 0.325.1)
      parseconfig (~> 1.0, < 1.1.0)
    dependabot-github_actions (0.325.1)
      dependabot-common (= 0.325.1)
    dependabot-go_modules (0.325.1)
      dependabot-common (= 0.325.1)
    dependabot-gradle (0.325.1)
      dependabot-common (= 0.325.1)
      dependabot-maven (= 0.325.1)
    dependabot-helm (0.325.1)
      dependabot-common (= 0.325.1)
      dependabot-docker (= 0.325.1)
    dependabot-hex (0.325.1)
      dependabot-common (= 0.325.1)
    dependabot-maven (0.325.1)
      dependabot-common (= 0.325.1)
    dependabot-npm_and_yarn (0.325.1)
      dependabot-common (= 0.325.1)
    dependabot-nuget (0.325.1)
      dependabot-common (= 0.325.1)
    dependabot-omnibus (0.325.1)
      dependabot-bun (= 0.325.1)
      dependabot-bundler (= 0.325.1)
      dependabot-cargo (= 0.325.1)
      dependabot-common (= 0.325.1)
      dependabot-composer (= 0.325.1)
      dependabot-conda (= 0.325.1)
      dependabot-devcontainers (= 0.325.1)
      dependabot-docker (= 0.325.1)
      dependabot-docker_compose (= 0.325.1)
      dependabot-dotnet_sdk (= 0.325.1)
      dependabot-elm (= 0.325.1)
      dependabot-git_submodules (= 0.325.1)
      dependabot-github_actions (= 0.325.1)
      dependabot-go_modules (= 0.325.1)
      dependabot-gradle (= 0.325.1)
      dependabot-helm (= 0.325.1)
      dependabot-hex (= 0.325.1)
      dependabot-maven (= 0.325.1)
      dependabot-npm_and_yarn (= 0.325.1)
      dependabot-nuget (= 0.325.1)
      dependabot-pub (= 0.325.1)
      dependabot-python (= 0.325.1)
      dependabot-rust_toolchain (= 0.325.1)
      dependabot-swift (= 0.325.1)
      dependabot-terraform (= 0.325.1)
      dependabot-uv (= 0.325.1)
      dependabot-vcpkg (= 0.325.1)
    dependabot-pub (0.325.1)
      dependabot-common (= 0.325.1)
    dependabot-python (0.325.1)
      dependabot-common (= 0.325.1)
    dependabot-rust_toolchain (0.325.1)
      dependabot-common (= 0.325.1)
    dependabot-swift (0.325.1)
      dependabot-common (= 0.325.1)
    dependabot-terraform (0.325.1)
      dependabot-common (= 0.325.1)
    dependabot-uv (0.325.1)
      dependabot-common (= 0.325.1)
    dependabot-vcpkg (0.325.1)
      dependabot-common (= 0.325.1)
    diff-lcs (1.5.1)
    docker_registry2 (1.18.2)
      rest-client (>= 1.8.0)
    domain_name (0.6.20240107)
    excon (1.2.8)
      logger
    faraday (2.7.11)
      base64
      faraday-net_http (>= 2.0, < 3.1)
      ruby2_keywords (>= 0.0.4)
    faraday-multipart (1.0.4)
      multipart-post (~> 2)
    faraday-net_http (3.0.2)
    faraday-retry (2.2.0)
      faraday (~> 2.0)
    gitlab (5.1.0)
      base64 (~> 0.2.0)
      httparty (~> 0.20)
      terminal-table (>= 1.5.1)
    hashdiff (1.1.1)
    http-accept (1.7.0)
    http-cookie (1.0.8)
      domain_name (~> 0.5)
    httparty (0.23.1)
      csv
      mini_mime (>= 1.0.0)
      multi_xml (>= 0.5.2)
    jmespath (1.6.2)
    json (2.11.3)
    logger (1.7.0)
    mime-types (3.7.0)
      logger
      mime-types-data (~> 3.2025, >= 3.2025.0507)
    mime-types-data (3.2025.0805)
    mini_mime (1.1.5)
    mini_portile2 (2.8.9)
    multi_xml (0.7.2)
      bigdecimal (~> 3.1)
    multipart-post (2.3.0)
    netrc (0.11.0)
    nokogiri (1.18.9)
      mini_portile2 (~> 2.8.2)
      racc (~> 1.4)
    nokogiri (1.18.9-arm64-darwin)
      racc (~> 1.4)
    octokit (7.2.0)
      faraday (>= 1, < 3)
      sawyer (~> 0.9)
    opentelemetry-api (1.5.0)
    opentelemetry-logs-api (0.2.0)
      opentelemetry-api (~> 1.0)
    opentelemetry-metrics-api (0.3.0)
      opentelemetry-api (~> 1.0)
    ostruct (0.6.0)
    parallel (1.27.0)
    parseconfig (1.0.8)
    parser (3.3.9.0)
      ast (~> 2.4.1)
      racc
    psych (5.2.6)
      date
      stringio
    public_suffix (6.0.1)
    racc (1.8.1)
    rake-compiler-dock (1.9.1)
    rb_sys (0.9.117)
      rake-compiler-dock (= 1.9.1)
    rest-client (2.1.0)
      http-accept (>= 1.7.0, < 2.0)
      http-cookie (>= 1.0.2, < 2.0)
      mime-types (>= 1.16, < 4.0)
      netrc (~> 0.8)
    rexml (3.4.2)
    rspec (3.13.0)
      rspec-core (~> 3.13.0)
      rspec-expectations (~> 3.13.0)
      rspec-mocks (~> 3.13.0)
    rspec-core (3.13.0)
      rspec-support (~> 3.13.0)
    rspec-expectations (3.13.1)
      diff-lcs (>= 1.2.0, < 2.0)
      rspec-support (~> 3.13.0)
    rspec-mocks (3.13.1)
      diff-lcs (>= 1.2.0, < 2.0)
      rspec-support (~> 3.13.0)
    rspec-support (3.13.1)
    ruby2_keywords (0.0.5)
    sawyer (0.9.2)
      addressable (>= 2.3.5)
      faraday (>= 0.17.3, < 3)
    sorbet-runtime (0.5.12383)
    stackprof (0.2.27)
    stringio (3.1.7)
    terminal-table (4.0.0)
      unicode-display_width (>= 1.1.1, < 4)
    toml-rb (4.0.0)
      citrus (~> 3.0, > 3.0)
      racc (~> 1.7)
    unicode-display_width (3.1.4)
      unicode-emoji (~> 4.0, >= 4.0.4)
    unicode-emoji (4.0.4)
    webmock (3.23.1)
      addressable (>= 2.8.0)
      crack (>= 0.3.2)
      hashdiff (>= 0.4.0, < 2.0.0)

PLATFORMS
  arm64-darwin-23
  ruby

DEPENDENCIES
  base64
  byebug
  dependabot-omnibus (~> 0.325.1)
  faraday-multipart
  faraday-retry
  octokit
  ostruct
  rspec
  webmock

BUNDLED WITH
   2.5.17
