GEM
  remote: https://rubygems.org/
  specs:
    addressable (2.8.7)
      public_suffix (>= 2.0.2, < 7.0)
    ast (2.4.2)
    aws-eventstream (1.3.0)
    aws-partitions (1.974.0)
    aws-sdk-codecommit (1.75.0)
      aws-sdk-core (~> 3, >= 3.205.0)
      aws-sigv4 (~> 1.5)
    aws-sdk-core (3.205.0)
      aws-eventstream (~> 1, >= 1.3.0)
      aws-partitions (~> 1, >= 1.651.0)
      aws-sigv4 (~> 1.9)
      jmespath (~> 1, >= 1.6.1)
    aws-sdk-ecr (1.83.0)
      aws-sdk-core (~> 3, >= 3.205.0)
      aws-sigv4 (~> 1.5)
    aws-sigv4 (1.9.1)
      aws-eventstream (~> 1, >= 1.0.2)
    base64 (0.2.0)
    bigdecimal (3.1.8)
    byebug (11.1.3)
    citrus (3.0.2)
    commonmarker (0.23.10)
    crack (1.0.0)
      bigdecimal
      rexml
    csv (3.3.0)
    dependabot-bundler (0.274.0)
      dependabot-common (= 0.274.0)
      parallel (~> 1.24)
    dependabot-cargo (0.274.0)
      dependabot-common (= 0.274.0)
    dependabot-common (0.274.0)
      aws-sdk-codecommit (~> 1.28)
      aws-sdk-ecr (~> 1.5)
      bundler (>= 1.16, < 3.0.0)
      commonmarker (>= 0.20.1, < 0.24.0)
      docker_registry2 (~> 1.18.0)
      excon (~> 0.109)
      faraday (= 2.7.11)
      faraday-retry (= 2.2.0)
      gitlab (= 4.19.0)
      json (< 2.7)
      nokogiri (~> 1.8)
      octokit (>= 4.6, < 7.0)
      opentelemetry-sdk (~> 1.3)
      parser (>= 2.5, < 4.0)
      psych (~> 5.0)
      sorbet-runtime (~> 0.5.11178)
      stackprof (~> 0.2.16)
      toml-rb (>= 1.1.2, < 4.0)
    dependabot-composer (0.274.0)
      dependabot-common (= 0.274.0)
    dependabot-devcontainers (0.274.0)
      dependabot-common (= 0.274.0)
    dependabot-docker (0.274.0)
      dependabot-common (= 0.274.0)
    dependabot-elm (0.274.0)
      dependabot-common (= 0.274.0)
    dependabot-git_submodules (0.274.0)
      dependabot-common (= 0.274.0)
      parseconfig (~> 1.0, < 1.1.0)
    dependabot-github_actions (0.274.0)
      dependabot-common (= 0.274.0)
    dependabot-go_modules (0.274.0)
      dependabot-common (= 0.274.0)
    dependabot-gradle (0.274.0)
      dependabot-common (= 0.274.0)
      dependabot-maven (= 0.274.0)
    dependabot-hex (0.274.0)
      dependabot-common (= 0.274.0)
    dependabot-maven (0.274.0)
      dependabot-common (= 0.274.0)
    dependabot-npm_and_yarn (0.274.0)
      dependabot-common (= 0.274.0)
    dependabot-nuget (0.274.0)
      dependabot-common (= 0.274.0)
      rubyzip (>= 2.3.2, < 3.0)
    dependabot-omnibus (0.274.0)
      dependabot-bundler (= 0.274.0)
      dependabot-cargo (= 0.274.0)
      dependabot-common (= 0.274.0)
      dependabot-composer (= 0.274.0)
      dependabot-devcontainers (= 0.274.0)
      dependabot-docker (= 0.274.0)
      dependabot-elm (= 0.274.0)
      dependabot-git_submodules (= 0.274.0)
      dependabot-github_actions (= 0.274.0)
      dependabot-go_modules (= 0.274.0)
      dependabot-gradle (= 0.274.0)
      dependabot-hex (= 0.274.0)
      dependabot-maven (= 0.274.0)
      dependabot-npm_and_yarn (= 0.274.0)
      dependabot-nuget (= 0.274.0)
      dependabot-pub (= 0.274.0)
      dependabot-python (= 0.274.0)
      dependabot-swift (= 0.274.0)
      dependabot-terraform (= 0.274.0)
    dependabot-pub (0.274.0)
      dependabot-common (= 0.274.0)
    dependabot-python (0.274.0)
      dependabot-common (= 0.274.0)
    dependabot-swift (0.274.0)
      dependabot-common (= 0.274.0)
    dependabot-terraform (0.274.0)
      dependabot-common (= 0.274.0)
    diff-lcs (1.5.1)
    docker_registry2 (1.18.2)
      rest-client (>= 1.8.0)
    domain_name (0.6.20240107)
    excon (0.111.0)
    faraday (2.7.11)
      base64
      faraday-net_http (>= 2.0, < 3.1)
      ruby2_keywords (>= 0.0.4)
    faraday-multipart (1.0.4)
      multipart-post (~> 2)
    faraday-net_http (3.0.2)
    faraday-retry (2.2.0)
      faraday (~> 2.0)
    gitlab (4.19.0)
      httparty (~> 0.20)
      terminal-table (>= 1.5.1)
    hashdiff (1.1.1)
    http-accept (1.7.0)
    http-cookie (1.0.7)
      domain_name (~> 0.5)
    httparty (0.22.0)
      csv
      mini_mime (>= 1.0.0)
      multi_xml (>= 0.5.2)
    jmespath (1.6.2)
    json (2.6.3)
    mime-types (3.5.2)
      mime-types-data (~> 3.2015)
    mime-types-data (3.2024.0903)
    mini_mime (1.1.5)
    mini_portile2 (2.8.8)
    multi_xml (0.7.1)
      bigdecimal (~> 3.1)
    multipart-post (2.3.0)
    netrc (0.11.0)
    nokogiri (1.18.4)
      mini_portile2 (~> 2.8.2)
      racc (~> 1.4)
    nokogiri (1.18.4-arm64-darwin)
      racc (~> 1.4)
    octokit (6.1.1)
      faraday (>= 1, < 3)
      sawyer (~> 0.9)
    opentelemetry-api (1.4.0)
    opentelemetry-common (0.21.0)
      opentelemetry-api (~> 1.0)
    opentelemetry-registry (0.3.1)
      opentelemetry-api (~> 1.1)
    opentelemetry-sdk (1.5.0)
      opentelemetry-api (~> 1.1)
      opentelemetry-common (~> 0.20)
      opentelemetry-registry (~> 0.2)
      opentelemetry-semantic_conventions
    opentelemetry-semantic_conventions (1.10.1)
      opentelemetry-api (~> 1.0)
    ostruct (0.6.0)
    parallel (1.26.3)
    parseconfig (1.0.8)
    parser (3.3.5.0)
      ast (~> 2.4.1)
      racc
    psych (5.1.2)
      stringio
    public_suffix (6.0.1)
    racc (1.8.1)
    rest-client (2.1.0)
      http-accept (>= 1.7.0, < 2.0)
      http-cookie (>= 1.0.2, < 2.0)
      mime-types (>= 1.16, < 4.0)
      netrc (~> 0.8)
    rexml (3.3.9)
    rspec (3.13.0)
      rspec-core (~> 3.13.0)
      rspec-expectations (~> 3.13.0)
      rspec-mocks (~> 3.13.0)
    rspec-core (3.13.0)
      rspec-support (~> 3.13.0)
    rspec-expectations (3.13.1)
      diff-lcs (>= 1.2.0, < 2.0)
      rspec-support (~> 3.13.0)
    rspec-mocks (3.13.1)
      diff-lcs (>= 1.2.0, < 2.0)
      rspec-support (~> 3.13.0)
    rspec-support (3.13.1)
    ruby2_keywords (0.0.5)
    rubyzip (2.3.2)
    sawyer (0.9.2)
      addressable (>= 2.3.5)
      faraday (>= 0.17.3, < 3)
    sorbet-runtime (0.5.11558)
    stackprof (0.2.26)
    stringio (3.1.1)
    terminal-table (3.0.2)
      unicode-display_width (>= 1.1.1, < 3)
    toml-rb (3.0.1)
      citrus (~> 3.0, > 3.0)
      racc (~> 1.7)
    unicode-display_width (2.5.0)
    webmock (3.23.1)
      addressable (>= 2.8.0)
      crack (>= 0.3.2)
      hashdiff (>= 0.4.0, < 2.0.0)

PLATFORMS
  arm64-darwin-23
  ruby

DEPENDENCIES
  base64
  byebug
  dependabot-omnibus (~> 0.274.0)
  faraday-multipart
  faraday-retry
  octokit
  ostruct
  rspec
  webmock

BUNDLED WITH
   2.5.17
